GEM
  remote: http://rubygems.org/
  specs:
    jruby-rack (1.1.13.2)
    rack (1.6.13)
    rack-protection (1.5.5)
      rack
    sinatra (1.4.2)
      rack (~> 1.5, >= 1.5.2)
      rack-protection (~> 1.4)
      tilt (~> 1.3, >= 1.3.4)
    tilt (1.4.1)

PLATFORMS
  java
  ruby

DEPENDENCIES
  bundler
  jruby-rack
  sinatra
